PATH
  remote: .
  specs:
    jwt_signed_request (1.0.1)
      jwt
      rack

GEM
  remote: https://rubygems.org/
  specs:
    diff-lcs (1.2.5)
    faraday (0.9.2)
      multipart-post (>= 1.2, < 3)
    jwt (1.5.4)
    multipart-post (2.0.0)
    rack (1.6.4)
    rack-test (0.6.3)
      rack (>= 1.0)
    rake (11.2.2)
    rspec (3.3.0)
      rspec-core (~> 3.3.0)
      rspec-expectations (~> 3.3.0)
      rspec-mocks (~> 3.3.0)
    rspec-core (3.3.2)
      rspec-support (~> 3.3.0)
    rspec-expectations (3.3.1)
      diff-lcs (>= 1.2.0, < 2.0)
      rspec-support (~> 3.3.0)
    rspec-mocks (3.3.2)
      diff-lcs (>= 1.2.0, < 2.0)
      rspec-support (~> 3.3.0)
    rspec-support (3.3.0)
    timecop (0.8.0)

PLATFORMS
  ruby

DEPENDENCIES
  bundler
  faraday
  jwt_signed_request!
  rack-test
  rake
  rspec
  timecop

BUNDLED WITH
   1.12.3
